GEM
  remote: https://rubygems.org/
  specs:
    ansi (1.5.0)
    builder (3.2.2)
    cinch (2.3.1)
    foreman (0.78.0)
      thor (~> 0.19.1)
    googl (0.7.1)
      httparty (~> 0.10)
      json (>= 1.4.6)
    httparty (0.13.7)
      json (~> 1.8)
      multi_xml (>= 0.5.2)
    json (1.8.3)
    minitest (5.8.3)
    minitest-reporters (1.1.7)
      ansi
      builder
      minitest (>= 5.0)
      ruby-progressbar
    multi_json (1.11.2)
    multi_xml (0.5.5)
    rack (1.6.4)
    rack-protection (1.5.3)
      rack
    redis (3.2.2)
    ruby-progressbar (1.7.5)
    sinatra (1.4.6)
      rack (~> 1.4)
      rack-protection (~> 1.4)
      tilt (>= 1.3, < 3)
    thor (0.19.1)
    tilt (2.0.2)

PLATFORMS
  ruby

DEPENDENCIES
  cinch
  foreman
  googl
  minitest
  minitest-reporters
  multi_json
  redis
  sinatra

BUNDLED WITH
   1.11.2
