GEM
  remote: https://rubygems.org/
  specs:
    ansi (1.5.0)
    builder (3.2.3)
    cinch (2.3.3)
    foreman (0.84.0)
      thor (~> 0.19.1)
    foreman-export-initd (0.1.1)
      foreman (>= 0.59.0)
    minitest (5.10.1)
    minitest-reporters (1.1.14)
      ansi
      builder
      minitest (>= 5.0)
      ruby-progressbar
    multi_json (1.12.1)
    rack (1.6.5)
    rack-protection (1.5.3)
      rack
    redis (3.3.3)
    ruby-progressbar (1.8.1)
    sinatra (1.4.8)
      rack (~> 1.5)
      rack-protection (~> 1.4)
      tilt (>= 1.3, < 3)
    thor (0.19.4)
    tilt (2.0.7)
    xml-simple (1.1.5)

PLATFORMS
  ruby

DEPENDENCIES
  cinch
  foreman
  foreman-export-initd
  minitest
  minitest-reporters
  multi_json
  redis
  sinatra
  xml-simple

BUNDLED WITH
   1.14.6
